PATH
  remote: .
  specs:
    mongo_db_logger (0.5.0)
      mongo
      zeevex_delayed

GEM
  remote: https://rubygems.org/
  specs:
    bson (1.9.1)
    coderay (1.0.9)
    diff-lcs (1.1.3)
    method_source (0.8.2)
    mongo (1.9.1)
      bson (~> 1.9.1)
    pry (0.9.12.2)
      coderay (~> 1.0.5)
      method_source (~> 0.8)
      slop (~> 3.4)
    rake (10.1.0)
    rspec (2.9.0)
      rspec-core (~> 2.9.0)
      rspec-expectations (~> 2.9.0)
      rspec-mocks (~> 2.9.0)
    rspec-core (2.9.0)
    rspec-expectations (2.9.1)
      diff-lcs (~> 1.1.3)
    rspec-mocks (2.9.0)
    slop (3.4.6)
    zeevex_delayed (0.9.2)
      zeevex_proxy
    zeevex_proxy (0.9.4)

PLATFORMS
  ruby

DEPENDENCIES
  mongo_db_logger!
  pry
  rake
  rspec (~> 2.9.0)
